PATH
  remote: .
  specs:
    po_driver_fmwk (0.0.1)

GEM
  remote: https://rubygems.org/
  specs:
    childprocess (0.9.0)
      ffi (~> 1.0, >= 1.0.11)
    ffi (1.9.23)
    power_assert (1.1.1)
    rake (10.5.0)
    rubyzip (1.2.1)
    selenium-webdriver (3.11.0)
      childprocess (~> 0.5)
      rubyzip (~> 1.2)
    test-unit (3.2.7)
      power_assert

PLATFORMS
  ruby

DEPENDENCIES
  bundler (~> 1.16)
  po_driver_fmwk!
  rake (~> 10.0)
  selenium-webdriver (~> 3.11.0)
  test-unit (~> 3.2.7)

BUNDLED WITH
   1.16.1
